GEM
  remote: http://rubygems.org/
  specs:
    haml (2.2.20)
    rack (1.3.6)
    sinatra (1.1.2)
      rack (~> 1.1)
      tilt (~> 1.2)
    tilt (1.3.3)

PLATFORMS
  ruby

DEPENDENCIES
  haml
  sinatra
